GEM
  remote: http://rubygems.org/
  specs:
    commander (4.3.5)
      highline (~> 1.7.2)
    highline (1.7.8)
    sequel (4.27.0)
    sqlite3 (1.3.11)

PLATFORMS
  ruby

DEPENDENCIES
  commander
  sequel
  sqlite3
